GEM
  remote: https://rubygems.org/
  specs:
    dotenv (0.9.0)
    net-sftp (2.1.2)
      net-ssh (>= 2.6.5)
    net-ssh (2.7.0)

PLATFORMS
  ruby

DEPENDENCIES
  dotenv
  net-sftp
